GEM
  remote: http://ruby.taobao.org/
  specs:
    actionmailer (3.2.17)
      actionpack (= 3.2.17)
      mail (~> 2.5.4)
    actionpack (3.2.17)
      activemodel (= 3.2.17)
      activesupport (= 3.2.17)
      builder (~> 3.0.0)
      erubis (~> 2.7.0)
      journey (~> 1.0.4)
      rack (~> 1.4.5)
      rack-cache (~> 1.2)
      rack-test (~> 0.6.1)
      sprockets (~> 2.2.1)
    activemodel (3.2.17)
      activesupport (= 3.2.17)
      builder (~> 3.0.0)
    activerecord (3.2.17)
      activemodel (= 3.2.17)
      activesupport (= 3.2.17)
      arel (~> 3.0.2)
      tzinfo (~> 0.3.29)
    activeresource (3.2.17)
      activemodel (= 3.2.17)
      activesupport (= 3.2.17)
    activesupport (3.2.17)
      i18n (~> 0.6, >= 0.6.4)
      multi_json (~> 1.0)
    anjlab-bootstrap-rails (2.3.1.2)
      railties (>= 3.0)
      sass (>= 3.2)
    arel (3.0.3)
    bootstrap-will_paginate (0.0.10)
      will_paginate
    builder (3.0.4)
    coffee-rails (3.2.2)
      coffee-script (>= 2.2.0)
      railties (~> 3.2.0)
    coffee-script (2.2.0)
      coffee-script-source
      execjs
    coffee-script-source (1.7.0)
    erubis (2.7.0)
    execjs (2.0.2)
    hike (1.2.3)
    i18n (0.6.9)
    journey (1.0.4)
    jquery-rails (3.1.0)
      railties (>= 3.0, < 5.0)
      thor (>= 0.14, < 2.0)
    json (1.8.1)
    mail (2.5.4)
      mime-types (~> 1.16)
      treetop (~> 1.4.8)
    mime-types (1.25.1)
    multi_json (1.8.4)
    polyglot (0.3.4)
    rack (1.4.5)
    rack-cache (1.2)
      rack (>= 0.4)
    rack-ssl (1.3.3)
      rack
    rack-test (0.6.2)
      rack (>= 1.0)
    rails (3.2.17)
      actionmailer (= 3.2.17)
      actionpack (= 3.2.17)
      activerecord (= 3.2.17)
      activeresource (= 3.2.17)
      activesupport (= 3.2.17)
      bundler (~> 1.0)
      railties (= 3.2.17)
    railties (3.2.17)
      actionpack (= 3.2.17)
      activesupport (= 3.2.17)
      rack-ssl (~> 1.3.2)
      rake (>= 0.8.7)
      rdoc (~> 3.4)
      thor (>= 0.14.6, < 2.0)
    rake (10.1.1)
    rdoc (3.12.2)
      json (~> 1.4)
    sass (3.2.14)
    sass-rails (3.2.6)
      railties (~> 3.2.0)
      sass (>= 3.1.10)
      tilt (~> 1.3)
    sprockets (2.2.2.backport2)
      hike (~> 1.2)
      multi_json (~> 1.0)
      rack (~> 1.0)
      tilt (~> 1.1, != 1.3.0)
    sqlite3 (1.3.8-x86-mingw32)
    thor (0.18.1)
    tilt (1.4.1)
    treetop (1.4.15)
      polyglot
      polyglot (>= 0.3.1)
    tzinfo (0.3.38)
    uglifier (2.4.0)
      execjs (>= 0.3.0)
      json (>= 1.8.0)
    will_paginate (3.0.5)
    win32console (1.3.2-x86-mingw32)

PLATFORMS
  x86-mingw32

DEPENDENCIES
  anjlab-bootstrap-rails (>= 2.0, < 3.0)
  bootstrap-will_paginate
  coffee-rails (~> 3.2)
  jquery-rails
  rails (= 3.2.17)
  sass-rails (~> 3.2)
  sqlite3
  uglifier (>= 1.3)
  win32console
